GEM
  remote: https://rubygems.org/
  specs:
    bigdecimal (3.3.1)
    csv (3.3.5)
    httparty (0.23.2)
      csv
      mini_mime (>= 1.0.0)
      multi_xml (>= 0.5.2)
    json (2.15.1)
    mini_mime (1.1.5)
    multi_xml (0.7.2)
      bigdecimal (~> 3.1)
    nokogiri (1.18.10-arm64-darwin)
      racc (~> 1.4)
    racc (1.8.1)

PLATFORMS
  arm64-darwin-24

DEPENDENCIES
  httparty (~> 0.23)
  json (~> 2.15)
  nokogiri (~> 1.18)

BUNDLED WITH
   2.7.2
